GIT
  remote: git://github.com/parasew/acts_as_tree.git
  revision: ed52495d1671c99e1add582628403bf8104e9077
  specs:
    acts_as_tree (1.2.3)

GIT
  remote: git://github.com/pilu/web-app-theme.git
  revision: b7310fe5001ed03b965049f293fce3527ae98dae
  specs:
    web-app-theme (0.8.0)
      rails (~> 3.2.0)
      thor (~> 0.14)

GEM
  remote: https://gems.ruby-china.com/
  specs:
    ZenTest (4.7.0)
    actionmailer (3.2.7)
      actionpack (= 3.2.7)
      mail (~> 2.4.4)
    actionpack (3.2.7)
      activemodel (= 3.2.7)
      activesupport (= 3.2.7)
      builder (~> 3.0.0)
      erubis (~> 2.7.0)
      journey (~> 1.0.4)
      rack (~> 1.4.0)
      rack-cache (~> 1.2)
      rack-test (~> 0.6.1)
      sprockets (~> 2.1.3)
    activemodel (3.2.7)
      activesupport (= 3.2.7)
      builder (~> 3.0.0)
    activerecord (3.2.7)
      activemodel (= 3.2.7)
      activesupport (= 3.2.7)
      arel (~> 3.0.2)
      tzinfo (~> 0.3.29)
    activeresource (3.2.7)
      activemodel (= 3.2.7)
      activesupport (= 3.2.7)
    activesupport (3.2.7)
      i18n (~> 0.6)
      multi_json (~> 1.0)
    acts_as_votable (0.10.0)
    akami (1.3.1)
      gyoku (>= 0.4.0)
      nokogiri
    arel (3.0.3)
    audited (3.0.0)
    audited-activerecord (3.0.0)
      activerecord (~> 3.0)
      audited (= 3.0.0)
    autotest-growl (0.2.16)
    autotest-rails (4.1.2)
      ZenTest (~> 4.5)
    bcrypt (3.1.9)
    bcrypt-ruby (3.1.5)
      bcrypt (>= 3.1.3)
    builder (3.0.4)
    bullet (2.3.1)
      uniform_notifier (~> 1.0.0)
    cancan (1.6.7)
    capistrano (2.12.0)
      highline
      net-scp (>= 1.0.0)
      net-sftp (>= 2.0.0)
      net-ssh (>= 2.0.14)
      net-ssh-gateway (>= 1.1.0)
    capistrano-platform-resources (0.1.3)
      capistrano (< 3)
    capistrano-rbenv (1.0.5)
      capistrano (< 3)
      capistrano-platform-resources (>= 0.1.3)
    capistrano-unicorn (0.1.10)
      capistrano
    china_city (0.0.4)
      jquery-rails
      rails (>= 3.1.0)
    chronic (0.10.2)
    climate_control (0.0.3)
      activesupport (>= 3.0)
    cocaine (0.5.5)
      climate_control (>= 0.0.3, < 1.0)
    coffee-rails (3.2.2)
      coffee-script (>= 2.2.0)
      railties (~> 3.2.0)
    coffee-script (2.3.0)
      coffee-script-source
      execjs
    coffee-script-source (1.8.0)
    default_value_for (1.0.7)
    devise (2.0.6)
      bcrypt-ruby (~> 3.0)
      orm_adapter (~> 0.0.3)
      railties (~> 3.1)
      warden (~> 1.1.1)
    diff-lcs (1.1.3)
    domain_name (0.5.23)
      unf (>= 0.0.5, < 1.0.0)
    dynamic_form (1.1.4)
    easy_http_cache (2.2)
    erubis (2.7.0)
    execjs (2.2.2)
    factory_girl (2.0.5)
    factory_girl_rails (1.1.0)
      factory_girl (~> 2.0.0)
      railties (>= 3.0.0)
    fancybox-rails (0.1.4)
      railties (>= 3.1.0)
    fastercsv (1.5.5)
    formtastic (2.2.1)
      actionpack (>= 3.0)
    gritter (1.0.3)
    gyoku (1.3.1)
      builder (>= 2.1.2)
    has_scope (0.5.1)
    highline (1.6.21)
    hike (1.2.3)
    http-cookie (1.0.2)
      domain_name (~> 0.5)
    httpi (2.4.2)
      rack
      socksify
    i18n (0.7.0)
    i18n_generators (1.2.1)
      mechanize
      rails (>= 3.0.0)
    inherited_resources (1.3.1)
      has_scope (~> 0.5.0)
      responders (~> 0.6)
    journey (1.0.4)
    jquery-rails (2.0.3)
      railties (>= 3.1.0, < 5.0)
      thor (~> 0.14)
    jquery-ui-rails (0.2.2)
      jquery-rails
      railties (>= 3.1.0)
    jquery_notify_bar (0.0.4)
    json (1.8.2)
    kgio (2.9.3)
    lhm (1.1.0)
      activerecord
    macaddr (1.7.1)
      systemu (~> 2.6.2)
    mail (2.4.4)
      i18n (>= 0.4.0)
      mime-types (~> 1.16)
      treetop (~> 1.4.8)
    marshaled_attributes (0.1.0)
      rails (>= 3.0.0)
    mechanize (2.7.2)
      domain_name (~> 0.5, >= 0.5.1)
      http-cookie (~> 1.0.0)
      mime-types (~> 1.17, >= 1.17.2)
      net-http-digest_auth (~> 1.1, >= 1.1.1)
      net-http-persistent (~> 2.5, >= 2.5.2)
      nokogiri (~> 1.4)
      ntlm-http (~> 0.1, >= 0.1.1)
      webrobots (>= 0.0.9, < 0.2)
    meta_search (1.1.3)
      actionpack (~> 3.1)
      activerecord (~> 3.1)
      activesupport (~> 3.1)
      polyamorous (~> 0.5.0)
    mime-types (1.25.1)
    multi_json (1.10.1)
    mysql2 (0.3.17)
    net-http-digest_auth (1.4)
    net-http-persistent (2.9.4)
    net-scp (1.2.1)
      net-ssh (>= 2.6.5)
    net-sftp (2.1.2)
      net-ssh (>= 2.6.5)
    net-ssh (2.7.0)
    net-ssh-gateway (1.2.0)
      net-ssh (>= 2.6.5)
    nokogiri (1.5.11)
    nori (2.6.0)
    ntlm-http (0.1.1)
    orm_adapter (0.0.7)
    paperclip (4.2.1)
      activemodel (>= 3.0.0)
      activesupport (>= 3.0.0)
      cocaine (~> 0.5.3)
      mime-types
    polyamorous (0.5.0)
      activerecord (~> 3.0)
    polyglot (0.3.5)
    rack (1.4.5)
    rack-cache (1.2)
      rack (>= 0.4)
    rack-ssl (1.3.4)
      rack
    rack-test (0.6.3)
      rack (>= 1.0)
    rack-utf8_sanitizer (1.2.4)
      rack (~> 1.0)
    rails (3.2.7)
      actionmailer (= 3.2.7)
      actionpack (= 3.2.7)
      activerecord (= 3.2.7)
      activeresource (= 3.2.7)
      activesupport (= 3.2.7)
      bundler (~> 1.0)
      railties (= 3.2.7)
    rails-dev-tweaks (1.2.0)
      actionpack (>= 3.1)
      railties (>= 3.1)
    rails-footnotes (3.7.9)
      rails (>= 3.0.0)
    rails_12factor (0.0.3)
      rails_serve_static_assets
      rails_stdout_logging
    rails_config (0.3.4)
      activesupport (>= 3.0)
    rails_serve_static_assets (0.0.5)
    rails_stdout_logging (0.0.5)
    railties (3.2.7)
      actionpack (= 3.2.7)
      activesupport (= 3.2.7)
      rack-ssl (~> 1.3.2)
      rake (>= 0.8.7)
      rdoc (~> 3.4)
      thor (>= 0.14.6, < 2.0)
    raindrops (0.13.0)
    rake (10.4.2)
    rb-readline (0.5.2)
    rdoc (3.12.2)
      json (~> 1.4)
    responders (0.9.3)
      railties (~> 3.1)
    rspec (2.9.0)
      rspec-core (~> 2.9.0)
      rspec-expectations (~> 2.9.0)
      rspec-mocks (~> 2.9.0)
    rspec-core (2.9.0)
    rspec-expectations (2.9.1)
      diff-lcs (~> 1.1.3)
    rspec-mocks (2.9.0)
    rspec-rails (2.9.0)
      actionpack (>= 3.0)
      activesupport (>= 3.0)
      railties (>= 3.0)
      rspec (~> 2.9.0)
    rubyntlm (0.3.4)
    rvm-capistrano (1.1.0)
      capistrano (>= 2.0.0)
    sass (3.4.9)
    sass-rails (3.2.6)
      railties (~> 3.2.0)
      sass (>= 3.1.10)
      tilt (~> 1.3)
    savon (2.11.1)
      akami (~> 1.2)
      builder (>= 2.1.2)
      gyoku (~> 1.2)
      httpi (~> 2.3)
      nokogiri (>= 1.4.0)
      nori (~> 2.4)
      wasabi (~> 3.4)
    show_for (0.2.6)
      actionpack (~> 3.0)
      activemodel (~> 3.0)
    socksify (1.7.1)
    spork (1.0.0rc4)
    spork-rails (3.2.1)
      rails (>= 3.0.0, < 3.3.0)
      spork (>= 1.0rc0)
    sprockets (2.1.4)
      hike (~> 1.2)
      rack (~> 1.0)
      tilt (~> 1.1, != 1.3.0)
    state_machine (1.1.2)
    systemu (2.6.4)
    thor (0.19.1)
    tilt (1.4.1)
    tinymce-rails (4.7.1)
      railties (>= 3.1.1)
    tinymce-rails-langs (4.20160310)
      tinymce-rails (~> 4.1, >= 4.1.10)
    treetop (1.4.15)
      polyglot
      polyglot (>= 0.3.1)
    tzinfo (0.3.42)
    uglifier (2.7.0)
      execjs (>= 0.3.0)
      json (>= 1.8.0)
    unf (0.1.4)
      unf_ext
    unf_ext (0.0.6)
    unicorn (4.8.3)
      kgio (~> 2.6)
      rack
      raindrops (~> 0.7)
    uniform_notifier (1.0.2)
    uuid (2.3.7)
      macaddr (~> 1.0)
    warden (1.1.1)
      rack (>= 1.0)
    wasabi (3.5.0)
      httpi (~> 2.0)
      nokogiri (>= 1.4.2)
    webrobots (0.1.1)
    whenever (0.9.4)
      chronic (>= 0.6.3)
    will-paginate-i18n (0.1.15)
    will_paginate (3.0.7)

PLATFORMS
  ruby

DEPENDENCIES
  ZenTest (~> 4.7.0)
  acts_as_tree!
  acts_as_votable (~> 0.10.0)
  audited-activerecord (~> 3.0)
  autotest-growl (~> 0.2.16)
  autotest-rails (~> 4.1.2)
  bullet (~> 2.3.1)
  cancan (= 1.6.7)
  capistrano (~> 2.12.0)
  capistrano-rbenv (~> 1.0.2)
  capistrano-unicorn (~> 0.1.6)
  china_city (~> 0.0.4)
  coffee-rails (~> 3.2.1)
  default_value_for (~> 1.0.7)
  devise (~> 2.0.4)
  dynamic_form (~> 1.1.4)
  easy_http_cache (~> 2.2)
  factory_girl_rails (~> 1.1.0)
  fancybox-rails (~> 0.1.4)
  fastercsv (~> 1.5.4)
  formtastic (~> 2.2.0)
  gritter (~> 1.0.3)
  i18n_generators (~> 1.2.0)
  inherited_resources (~> 1.3.1)
  jquery-rails (~> 2.0.2)
  jquery-ui-rails (~> 0.2.2)
  jquery_notify_bar (~> 0.0.4)
  lhm (~> 1.1.0)
  marshaled_attributes (~> 0.1.0)
  meta_search (~> 1.1.3)
  mysql2 (~> 0.3.11)
  net-ssh (~> 2.7.0)
  nokogiri (~> 1.5.5)
  paperclip (~> 4.2)
  rack-utf8_sanitizer
  rails (= 3.2.7)
  rails-dev-tweaks (~> 1.1)
  rails-footnotes (~> 3.7.8)
  rails_12factor
  rails_config (~> 0.3.1)
  rb-readline (~> 0.5.2)
  rspec-rails (~> 2.9.0)
  rubyntlm (~> 0.3.2)
  rvm-capistrano (~> 1.1.0)
  sass-rails (~> 3.2.3)
  savon (~> 2.11.0)
  show_for (~> 0.2.4)
  spork-rails (~> 3.2.0)
  state_machine (~> 1.1.2)
  tinymce-rails
  tinymce-rails-langs
  uglifier (>= 1.0.3)
  unicorn
  uuid (~> 2.3.5)
  web-app-theme!
  whenever
  will-paginate-i18n (~> 0.1.1)
  will_paginate (~> 3.0.3)

RUBY VERSION
   ruby 1.9.3p448

BUNDLED WITH
   1.17.3
